PATH
  remote: .
  specs:
    simplepush (0.6.1)
      httparty

GEM
  remote: https://rubygems.org/
  specs:
    async (1.30.1)
      console (~> 1.10)
      nio4r (~> 2.3)
      timers (~> 4.1)
    console (1.13.1)
      fiber-local
    fiber-local (1.0.0)
    httparty (0.20.0)
      mime-types (~> 3.0)
      multi_xml (>= 0.5.2)
    mime-types (3.3.1)
      mime-types-data (~> 3.2015)
    mime-types-data (3.2021.0901)
    multi_xml (0.6.0)
    nio4r (2.5.8)
    rake (13.0.6)
    timers (4.3.3)

PLATFORMS
  x86_64-linux

DEPENDENCIES
  async
  rake (~> 13.0)
  simplepush!

BUNDLED WITH
   2.2.5
