PATH
  remote: .
  specs:
    simplepush (0.7.5)
      httparty

GEM
  remote: https://rubygems.org/
  specs:
    async (2.6.5)
      console (~> 1.10)
      fiber-annotation
      io-event (~> 1.1)
      timers (~> 4.1)
    console (1.23.3)
      fiber-annotation
      fiber-local
    fiber-annotation (0.2.0)
    fiber-local (1.0.0)
    httparty (0.21.0)
      mini_mime (>= 1.0.0)
      multi_xml (>= 0.5.2)
    io-event (1.3.3)
    mini_mime (1.1.5)
    multi_xml (0.6.0)
    rake (13.1.0)
    timers (4.3.5)

PLATFORMS
  x86_64-linux

DEPENDENCIES
  async
  rake (~> 13.0)
  simplepush!

BUNDLED WITH
   2.5.1
